GEM
  remote: http://rubygems.org/
  specs:
    albacore (0.2.7)
      rubyzip (~> 0.9)
    rake (0.9.2.2)
    require_relative (1.0.3)
    rubyzip (0.9.8)
    version_bumper (0.3.0)

PLATFORMS
  x86-mingw32

DEPENDENCIES
  albacore
  rake
  require_relative
  version_bumper
