GIT
  remote: git://github.com/derickbailey/Albacore.git
  revision: cac57ed1fb234f4697ea4220b6cd04f7acb053ff
  branch: dev
  specs:
    albacore (0.2.8)
      rubyzip (~> 0.9)

GEM
  remote: http://rubygems.org/
  specs:
    rake (0.9.2.2)
    require_relative (1.0.3)
    rubyzip (0.9.8)
    semver (1.0.1)

PLATFORMS
  x86-mingw32

DEPENDENCIES
  albacore!
  rake
  require_relative
  semver
